PATH
  remote: .
  specs:
    rubyrave (0.1.0)
      httparty (~> 0.16.0)

GEM
  remote: https://rubygems.org/
  specs:
    httparty (0.16.0)
      multi_xml (>= 0.5.2)
    minitest (5.11.3)
    multi_xml (0.6.0)
    rake (10.5.0)

PLATFORMS
  x64-mingw32

DEPENDENCIES
  bundler (~> 1.16)
  minitest (~> 5.0)
  rake (~> 10.0)
  rubyrave!

BUNDLED WITH
   1.16.1
